PATH
  remote: .
  specs:
    crono (0.9.1)
      activerecord (~> 4.0)
      activesupport (~> 4.0)
      ice_cube

GEM
  remote: https://rubygems.org/
  specs:
    activemodel (4.2.5.1)
      activesupport (= 4.2.5.1)
      builder (~> 3.1)
    activerecord (4.2.5.1)
      activemodel (= 4.2.5.1)
      activesupport (= 4.2.5.1)
      arel (~> 6.0)
    activesupport (4.2.5.1)
      i18n (~> 0.7)
      json (~> 1.7, >= 1.7.7)
      minitest (~> 5.1)
      thread_safe (~> 0.3, >= 0.3.4)
      tzinfo (~> 1.1)
    arel (6.0.3)
    builder (3.2.2)
    byebug (5.0.0)
      columnize (= 0.9.0)
    chronic (0.10.2)
    columnize (0.9.0)
    daemons (1.2.2)
    diff-lcs (1.2.5)
    haml (4.0.6)
      tilt
    i18n (0.7.0)
    ice_cube (0.13.3)
    json (1.8.3)
    minitest (5.8.4)
    pg (0.18.2)
    rack (1.6.4)
    rack-protection (1.5.3)
      rack
    rack-test (0.6.3)
      rack (>= 1.0)
    rake (10.4.2)
    rspec (3.2.0)
      rspec-core (~> 3.2.0)
      rspec-expectations (~> 3.2.0)
      rspec-mocks (~> 3.2.0)
    rspec-core (3.2.2)
      rspec-support (~> 3.2.0)
    rspec-expectations (3.2.0)
      diff-lcs (>= 1.2.0, < 2.0)
      rspec-support (~> 3.2.0)
    rspec-mocks (3.2.1)
      diff-lcs (>= 1.2.0, < 2.0)
      rspec-support (~> 3.2.0)
    rspec-support (3.2.2)
    sinatra (1.4.6)
      rack (~> 1.4)
      rack-protection (~> 1.4)
      tilt (>= 1.3, < 3)
    sqlite3 (1.3.10)
    thread_safe (0.3.5)
    tilt (2.0.1)
    timecop (0.7.3)
    tzinfo (1.2.2)
      thread_safe (~> 0.1)

PLATFORMS
  ruby

DEPENDENCIES
  bundler (>= 1.0.0)
  byebug
  chronic
  crono!
  daemons
  haml
  pg
  rack-test
  rake (~> 10.0)
  rspec (~> 3.0)
  sinatra
  sqlite3
  timecop (~> 0.7)
